GEM
  remote: https://rubygems.org/
  specs:
    actionpack (7.1.3.2)
      actionview (= 7.1.3.2)
      activesupport (= 7.1.3.2)
      nokogiri (>= 1.8.5)
      racc
      rack (>= 2.2.4)
      rack-session (>= 1.0.1)
      rack-test (>= 0.6.3)
      rails-dom-testing (~> 2.2)
      rails-html-sanitizer (~> 1.6)
    actionview (7.1.3.2)
      activesupport (= 7.1.3.2)
      builder (~> 3.1)
      erubi (~> 1.11)
      rails-dom-testing (~> 2.2)
      rails-html-sanitizer (~> 1.6)
    activemodel (7.1.3.2)
      activesupport (= 7.1.3.2)
    activerecord (7.1.3.2)
      activemodel (= 7.1.3.2)
      activesupport (= 7.1.3.2)
      timeout (>= 0.4.0)
    activerecord-import (1.5.1)
      activerecord (>= 4.2)
    activesupport (7.1.3.2)
      base64
      bigdecimal
      concurrent-ruby (~> 1.0, >= 1.0.2)
      connection_pool (>= 2.2.5)
      drb
      i18n (>= 1.6, < 2)
      minitest (>= 5.1)
      mutex_m
      tzinfo (~> 2.0)
    addressable (2.8.6)
      public_suffix (>= 2.0.2, < 6.0)
    akami (1.3.3)
      base64
      gyoku (>= 0.4.0)
      nokogiri
    amq-protocol (2.3.2)
    ast (2.4.2)
    async (2.8.2)
      console (~> 1.10)
      fiber-annotation
      io-event (~> 1.1)
      timers (~> 4.1)
    async-http (0.63.0)
      async (>= 1.25)
      async-io (>= 1.28)
      async-pool (>= 0.2)
      protocol-http (~> 0.26.0)
      protocol-http1 (~> 0.18.0)
      protocol-http2 (~> 0.16.0)
      traces (>= 0.10.0)
    async-io (1.41.0)
      async
    async-pool (0.4.0)
      async (>= 1.25)
    aws-eventstream (1.3.0)
    aws-partitions (1.895.0)
    aws-sdk-core (3.191.3)
      aws-eventstream (~> 1, >= 1.3.0)
      aws-partitions (~> 1, >= 1.651.0)
      aws-sigv4 (~> 1.8)
      jmespath (~> 1, >= 1.6.1)
    aws-sdk-kms (1.77.0)
      aws-sdk-core (~> 3, >= 3.191.0)
      aws-sigv4 (~> 1.1)
    aws-sdk-s3 (1.143.0)
      aws-sdk-core (~> 3, >= 3.191.0)
      aws-sdk-kms (~> 1)
      aws-sigv4 (~> 1.8)
    aws-sigv4 (1.8.0)
      aws-eventstream (~> 1, >= 1.0.2)
    axiom-types (0.1.1)
      descendants_tracker (~> 0.0.4)
      ice_nine (~> 0.11.0)
      thread_safe (~> 0.3, >= 0.3.1)
    base64 (0.2.0)
    bigdecimal (3.1.6)
    brakeman (5.4.1)
    builder (3.2.4)
    bunny (2.19.0)
      amq-protocol (~> 2.3, >= 2.3.1)
      sorted_set (~> 1, >= 1.0.2)
    coderay (1.1.3)
    coercible (1.0.0)
      descendants_tracker (~> 0.0.1)
    concurrent-ruby (1.2.3)
    connection_pool (2.4.1)
    console (1.23.4)
      fiber-annotation
      fiber-local
      json
    countries (6.0.0)
      unaccent (~> 0.3)
    crack (1.0.0)
      bigdecimal
      rexml
    crass (1.0.6)
    database_cleaner (2.0.2)
      database_cleaner-active_record (>= 2, < 3)
    database_cleaner-active_record (2.1.0)
      activerecord (>= 5.a)
      database_cleaner-core (~> 2.0.0)
    database_cleaner-core (2.0.1)
    date (3.3.4)
    descendants_tracker (0.0.4)
      thread_safe (~> 0.3, >= 0.3.1)
    diff-lcs (1.5.1)
    docile (1.4.0)
    dotenv (2.8.1)
    drb (2.2.1)
    dry-core (1.0.1)
      concurrent-ruby (~> 1.0)
      zeitwerk (~> 2.6)
    dry-inflector (1.0.0)
    dry-logic (1.5.0)
      concurrent-ruby (~> 1.0)
      dry-core (~> 1.0, < 2)
      zeitwerk (~> 2.6)
    dry-types (1.7.2)
      bigdecimal (~> 3.0)
      concurrent-ruby (~> 1.0)
      dry-core (~> 1.0)
      dry-inflector (~> 1.0)
      dry-logic (~> 1.4)
      zeitwerk (~> 2.6)
    equalizer (0.0.11)
    erubi (1.12.0)
    ethon (0.16.0)
      ffi (>= 1.15.0)
    factory_girl (4.9.0)
      activesupport (>= 3.0.0)
    faraday (2.9.0)
      faraday-net_http (>= 2.0, < 3.2)
    faraday-net_http (3.1.0)
      net-http
    ffaker (2.23.0)
    ffi (1.16.3)
    fiber-annotation (0.2.0)
    fiber-local (1.0.0)
    gem-release (2.2.2)
    grape (1.6.2)
      activesupport
      builder
      dry-types (>= 1.1)
      mustermann-grape (~> 1.0.0)
      rack (>= 1.3.0)
      rack-accept
    grape-entity (0.4.8)
      activesupport
      multi_json (>= 1.3.2)
    grape-raketasks (0.0.3)
      activesupport
      grape
      rake
    gyoku (1.4.0)
      builder (>= 2.1.2)
      rexml (~> 3.0)
    hashdiff (1.1.0)
    hashie (5.0.0)
    hashie-forbidden_attributes (0.1.1)
      hashie (>= 3.0)
    httpi (4.0.1)
      base64
      mutex_m
      nkf
      rack (>= 2.0, < 3.1)
    i18n (1.14.1)
      concurrent-ruby (~> 1.0)
    ializer (0.14.0)
      activesupport (>= 4.0)
      multi_json (~> 1.0)
    ice_nine (0.11.2)
    io-event (1.4.4)
    iso_country_codes (0.7.8)
    jmespath (1.6.2)
    json (2.7.1)
    jwt (2.8.1)
      base64
    kgio (2.11.4)
    licensed (3.9.1)
      bundler (>= 1.10)
      json (>= 2.6.2)
      licensee (>= 9.15.2, < 10.0.0)
      parallel (>= 0.18.0)
      pathname-common_prefix (~> 0.0.1)
      reverse_markdown (>= 1, < 3)
      ruby-xxHash (~> 0.4)
      thor (>= 0.19)
      tomlrb (>= 1.2, < 3.0)
    licensee (9.16.1)
      dotenv (~> 2.0)
      octokit (>= 4.20, < 9.0)
      reverse_markdown (>= 1, < 3)
      rugged (>= 0.24, < 2.0)
      thor (>= 0.19, < 2.0)
    loofah (2.22.0)
      crass (~> 1.0.2)
      nokogiri (>= 1.12.0)
    mail (2.8.1)
      mini_mime (>= 0.1.1)
      net-imap
      net-pop
      net-smtp
    method_source (1.0.0)
    mini_mime (1.1.5)
    minitest (5.22.2)
    mock_redis (0.44.0)
    multi_json (1.15.0)
    mustermann (3.0.0)
      ruby2_keywords (~> 0.0.1)
    mustermann-grape (1.0.2)
      mustermann (>= 1.0.0)
    mutex_m (0.2.0)
    net-http (0.4.1)
      uri
    net-imap (0.4.10)
      date
      net-protocol
    net-pop (0.1.2)
      net-protocol
    net-protocol (0.2.2)
      timeout
    net-sftp (2.1.2)
      net-ssh (>= 2.6.5)
    net-smtp (0.4.0.1)
      net-protocol
    net-ssh (7.2.1)
    nio4r (2.7.0)
    nkf (0.2.0)
    nokogiri (1.16.2-aarch64-linux)
      racc (~> 1.4)
    nokogiri (1.16.2-arm-linux)
      racc (~> 1.4)
    nokogiri (1.16.2-arm64-darwin)
      racc (~> 1.4)
    nokogiri (1.16.2-x86-linux)
      racc (~> 1.4)
    nokogiri (1.16.2-x86_64-darwin)
      racc (~> 1.4)
    nokogiri (1.16.2-x86_64-linux)
      racc (~> 1.4)
    nori (2.7.0)
      bigdecimal
    octokit (8.1.0)
      base64
      faraday (>= 1, < 3)
      sawyer (~> 0.9)
    otr-activerecord (2.2.0)
      activerecord (>= 4.0, < 7.2)
      hashie-forbidden_attributes (~> 0.1)
    parallel (1.24.0)
    parser (3.3.0.5)
      ast (~> 2.4.1)
      racc
    pathname-common_prefix (0.0.2)
    pg (1.5.6)
    protocol-hpack (1.4.2)
    protocol-http (0.26.1)
    protocol-http1 (0.18.0)
      protocol-http (~> 0.22)
    protocol-http2 (0.16.0)
      protocol-hpack (~> 1.4)
      protocol-http (~> 0.18)
    pry (0.14.2)
      coderay (~> 1.1)
      method_source (~> 1.0)
    public_suffix (5.0.4)
    puma (6.4.2)
      nio4r (~> 2.0)
    racc (1.7.3)
    rack (2.2.8.1)
    rack-accept (0.4.5)
      rack (>= 0.4)
    rack-profiler (1.1.2)
      activesupport (>= 3.0.0)
      rack
    rack-session (1.0.2)
      rack (< 3)
    rack-test (2.1.0)
      rack (>= 1.3)
    racksh (1.0.0)
      rack (>= 1.0)
      rack-test (>= 0.5)
    rails-dom-testing (2.2.0)
      activesupport (>= 5.0.0)
      minitest
      nokogiri (>= 1.6)
    rails-html-sanitizer (1.6.0)
      loofah (~> 2.21)
      nokogiri (~> 1.14)
    rainbow (3.1.1)
    raindrops (0.20.1)
    rake (13.1.0)
    rbtree (0.4.6)
    redis (4.5.1)
    regexp_parser (2.9.0)
    representable (2.3.0)
      uber (~> 0.0.7)
    reverse_markdown (2.1.1)
      nokogiri
    rexml (3.2.6)
    roar (1.0.3)
      representable (>= 2.0.1, <= 3.0.0)
    rspec (3.13.0)
      rspec-core (~> 3.13.0)
      rspec-expectations (~> 3.13.0)
      rspec-mocks (~> 3.13.0)
    rspec-core (3.13.0)
      rspec-support (~> 3.13.0)
    rspec-expectations (3.13.0)
      diff-lcs (>= 1.2.0, < 2.0)
      rspec-support (~> 3.13.0)
    rspec-mocks (3.13.0)
      diff-lcs (>= 1.2.0, < 2.0)
      rspec-support (~> 3.13.0)
    rspec-support (3.13.1)
    rspec_junit_formatter (0.6.0)
      rspec-core (>= 2, < 4, != 2.12.0)
    rubocop (1.28.1)
      parallel (~> 1.10)
      parser (>= 3.1.0.0)
      rainbow (>= 2.2.2, < 4.0)
      regexp_parser (>= 1.8, < 3.0)
      rexml
      rubocop-ast (>= 1.17.0, < 2.0)
      ruby-progressbar (~> 1.7)
      unicode-display_width (>= 1.4.0, < 3.0)
    rubocop-ast (1.31.1)
      parser (>= 3.3.0.4)
    rubocop-performance (1.9.2)
      rubocop (>= 0.90.0, < 2.0)
      rubocop-ast (>= 0.4.0)
    ruby-enum (0.9.0)
      i18n
    ruby-progressbar (1.13.0)
    ruby-xxHash (0.4.0.2)
    ruby2_keywords (0.0.5)
    rugged (1.7.2)
    savon (2.15.0)
      akami (~> 1.2)
      builder (>= 2.1.2)
      gyoku (~> 1.2)
      httpi (>= 2.4.5, < 5)
      mail (~> 2.5)
      nokogiri (>= 1.8.1)
      nori (~> 2.4)
      wasabi (>= 3.7, < 6)
    sawyer (0.9.2)
      addressable (>= 2.3.5)
      faraday (>= 0.17.3, < 3)
    scientist (1.6.4)
    sentry-raven (3.1.2)
      faraday (>= 1.0)
    set (1.1.0)
    shotgun (0.9.2)
      rack (>= 1.0)
    simplecov (0.19.1)
      docile (~> 1.1)
      simplecov-html (~> 0.11)
    simplecov-html (0.12.3)
    sorted_set (1.0.3)
      rbtree
      set (~> 1.0)
    thor (1.3.1)
    thread_safe (0.3.6)
    timecop (0.9.8)
    timeout (0.4.1)
    timers (4.3.5)
    tomlrb (2.0.3)
    traces (0.11.1)
    typhoeus (1.4.1)
      ethon (>= 0.9.0)
    tzinfo (2.0.6)
      concurrent-ruby (~> 1.0)
    uber (0.0.15)
    unaccent (0.4.0)
    unicode-display_width (2.5.0)
    unicorn (5.8.0)
      kgio (~> 2.6)
      raindrops (~> 0.7)
    uri (0.13.0)
    virtus (1.0.5)
      axiom-types (~> 0.1)
      coercible (~> 1.0)
      descendants_tracker (~> 0.0, >= 0.0.3)
      equalizer (~> 0.0, >= 0.0.9)
    warden (1.2.3)
      rack (>= 1.0)
    wasabi (5.0.2)
      addressable
      faraday (~> 2.8)
      nokogiri (>= 1.13.9)
    webmock (3.23.0)
      addressable (>= 2.8.0)
      crack (>= 0.3.2)
      hashdiff (>= 0.4.0, < 2.0.0)
    zeitwerk (2.6.13)

GEM
  remote: https://rubygems.pkg.github.com/tastyworks/
  specs:
    market_time (3.34.0)
      activemodel (>= 4.2.4)
      activesupport (>= 4.2.4)
      ruby-enum (~> 0.9)
    tastyworks-apex (19.20.0)
      activemodel (>= 4.2)
      activerecord-import (>= 0.12)
      activesupport (>= 4.2)
      ializer
      iso_country_codes
      jwt (~> 2, >= 2.2)
      market_time (>= 1.4.4)
      multi_json (~> 1, >= 1.13.1)
      net-sftp (~> 2, >= 2.1)
      representable (~> 2.3.0, ~> 2)
      roar (~> 1, = 1.0.3)
      savon (~> 2, >= 2.11.0)
      tastyworks-clearing (>= 1.3)
      tastyworks-logger (>= 1.1.7)
      tastyworks-util (>= 5.9)
      typhoeus (~> 1, >= 1.3.1)
      tzinfo (~> 2, >= 2.0)
      virtus (~> 1, >= 1.0.5)
    tastyworks-api (12.1.0)
      activesupport (>= 4.2.0)
      bigdecimal (>= 2.0.0)
      bunny (>= 2.2, <= 2.19)
      connection_pool (~> 2.2)
      ializer (~> 0.5)
      multi_json (~> 1.13)
      representable (~> 2.3.0)
      roar (= 1.0.3)
      ruby-enum (~> 0.9.0)
      tastyworks-logger (>= 1.4.0)
      tastyworks-util (>= 2.0.0)
      typhoeus (~> 1.3, >= 1.3.1)
      virtus (~> 1.0.5)
    tastyworks-c4 (2.1.3)
      aws-sdk-s3 (~> 1)
      rspec (>= 3.4)
      simplecov (~> 0.19.0)
      typhoeus
    tastyworks-clearing (1.4.0)
      ruby-enum (>= 0.4.0)
      tastyworks-logger (>= 1.2)
      tastyworks-regional_behavior (>= 0.4.0)
      tastyworks-util (>= 5.22)
    tastyworks-development_dependencies (2.43.1)
      brakeman (~> 5.4)
      gem-release (~> 2.2)
      grape-raketasks (= 0.0.3)
      licensed (~> 3.8)
      pry (= 0.14.2)
      racksh (= 1.0.0)
      rake (>= 10.0)
      rubocop (= 1.28.1)
      rubocop-performance (= 1.9.2)
      shotgun (= 0.9.2)
    tastyworks-grape (15.0.1)
      actionpack (>= 5.0.0)
      activerecord (>= 5.0.0)
      dotenv (~> 2.0)
      grape (= 1.6.2)
      grape-entity (= 0.4.8)
      grape-raketasks (= 0.0.3)
      ializer (~> 0.14)
      market_time
      otr-activerecord (>= 2.0.0)
      pg (~> 1.0)
      pry
      puma (~> 6.4)
      rack (~> 2.2)
      rack-profiler (~> 1.1.2)
      racksh (~> 1.0)
      raindrops (~> 0.19)
      sentry-raven (~> 3.1)
      tastyworks-api (>= 9.10)
      tastyworks-identity_permissions_enforcer
      tastyworks-logger
      tastyworks-schema_validations
      unicorn (~> 5.0)
    tastyworks-identity_permissions_enforcer (11.5.1)
      grape
      scientist
      tastyworks-api
      tastyworks-redis (>= 2.0.2)
      tastyworks-util
      warden (= 1.2.3)
    tastyworks-logger (1.6.0)
    tastyworks-redis (2.2.2)
      activesupport (>= 4.2.0)
      redis (>= 4.1, < 4.6)
    tastyworks-regional_behavior (0.7.0)
      countries
      tastyworks-api (>= 10.2)
    tastyworks-schema_validations (1.1.0)
      activerecord (>= 5.0.0)
      tastyworks-logger (>= 1.3.0)
    tastyworks-test_dependencies (1.12.0)
      database_cleaner
      factory_girl (~> 4.5)
      ffaker (~> 2.13)
      mock_redis (~> 0.22)
      rack-test (>= 0.6.3)
      rspec (~> 3.4)
      rspec-mocks (~> 3.4)
      rspec_junit_formatter (~> 0.2)
      tastyworks-c4 (>= 1.3.2)
      timecop (>= 0.6.3)
      webmock (~> 3.19)
    tastyworks-util (5.34.0)
      activerecord (>= 4.2)
      activesupport (>= 4.2)

PLATFORMS
  aarch64-linux
  arm-linux
  arm64-darwin
  x86-linux
  x86_64-darwin
  x86_64-linux

DEPENDENCIES
  async (~> 2.8)
  async-http (~> 0.63.0)
  tastyworks-apex (~> 19.20)!
  tastyworks-api (~> 12.1)!
  tastyworks-development_dependencies (~> 2.35)!
  tastyworks-grape (~> 15.0)!
  tastyworks-test_dependencies (~> 1.12)!

BUNDLED WITH
   2.5.3
